GEM
  remote: https://rubygems.org/
  specs:
    sass (3.3.14)
    sass-globbing (1.1.1)
      sass (>= 3.1)

PLATFORMS
  ruby

DEPENDENCIES
  sass (~> 3.3)
  sass-globbing (~> 1.1)
